GEM
  remote: http://rubygems.org/
  specs:
    columnize (0.3.2)
    exifr (1.0.3)
    linecache (0.43)
    method_info (0.1.11)
    ruby-debug (0.10.4)
      columnize (>= 0.1)
      ruby-debug-base (~> 0.10.4.0)
    ruby-debug-base (0.10.4)
      linecache (>= 0.3)

PLATFORMS
  ruby

DEPENDENCIES
  exifr
  method_info
  ruby-debug
